GIT
  remote: git://github.com/ddfreyne/nanoc.git
  revision: 4ed3dc039493cc073f5cab8abeb1397dbfe5445e
  tag: 3.2.0b3
  specs:
    nanoc3 (3.2.0b3)
      cri (~> 2.0)

GIT
  remote: git://github.com/therabidbanana/stinker.git
  revision: eac2ff765299370a3eaad7a0c88efc7be52918f1
  specs:
    stinker (0.0.3)
      albino (~> 1.3.2)
      github-markup (>= 0.4.0, < 1.0.0)
      grit (~> 2.4.1)
      mustache (>= 0.11.2, < 1.0.0)
      nokogiri (~> 1.4.0)
      sanitize (~> 2.0.0)
      sinatra (~> 1.0)

GEM
  remote: http://rubygems.org/
  specs:
    abstract (1.0.0)
    actionmailer (3.0.9)
      actionpack (= 3.0.9)
      mail (~> 2.2.19)
    actionpack (3.0.9)
      activemodel (= 3.0.9)
      activesupport (= 3.0.9)
      builder (~> 2.1.2)
      erubis (~> 2.6.6)
      i18n (~> 0.5.0)
      rack (~> 1.2.1)
      rack-mount (~> 0.6.14)
      rack-test (~> 0.5.7)
      tzinfo (~> 0.3.23)
    activemodel (3.0.9)
      activesupport (= 3.0.9)
      builder (~> 2.1.2)
      i18n (~> 0.5.0)
    activerecord (3.0.9)
      activemodel (= 3.0.9)
      activesupport (= 3.0.9)
      arel (~> 2.0.10)
      tzinfo (~> 0.3.23)
    activeresource (3.0.9)
      activemodel (= 3.0.9)
      activesupport (= 3.0.9)
    activesupport (3.0.9)
    addressable (2.2.4)
    adsf (1.0.1)
      rack (>= 1.0.0)
    albino (1.3.3)
      posix-spawn (>= 0.3.6)
    ar_openid_store (0.0.1)
      ruby-openid (>= 2.0.0)
    arel (2.0.10)
    builder (2.1.2)
    capybara (0.4.1.2)
      celerity (>= 0.7.9)
      culerity (>= 0.2.4)
      mime-types (>= 1.16)
      nokogiri (>= 1.3.3)
      rack (>= 1.0.0)
      rack-test (>= 0.5.4)
      selenium-webdriver (>= 0.0.27)
      xpath (~> 0.1.3)
    capybara-webkit (0.5.0)
      capybara (~> 0.4.1)
    celerity (0.8.9)
    childprocess (0.2.0)
      ffi (~> 1.0.6)
    coffee-script (2.2.0)
      coffee-script-source
      execjs
    coffee-script-source (1.1.1)
    cri (2.0.2)
    cucumber (1.0.2)
      builder (>= 2.1.2)
      diff-lcs (>= 1.1.2)
      gherkin (~> 2.4.5)
      json (>= 1.4.6)
      term-ansicolor (>= 1.0.5)
    cucumber-rails (0.4.1)
      cucumber (>= 0.10.1)
      nokogiri (>= 1.4.4)
      rack-test (>= 0.5.7)
    culerity (0.2.15)
    daemons (1.1.4)
    database_cleaner (0.6.7)
    deadweight (0.2.1)
      nokogiri
    delayed_job (2.1.4)
      activesupport (~> 3.0)
      daemons
    diff-lcs (1.1.2)
    erubis (2.6.6)
      abstract (>= 1.0.0)
    execjs (1.2.0)
      multi_json (~> 1.0)
    faraday (0.6.1)
      addressable (~> 2.2.4)
      multipart-post (~> 1.1.0)
      rack (< 2, >= 1.1.0)
    ffi (1.0.9)
    foreman (0.19.0)
      term-ansicolor (~> 1.0.5)
      thor (>= 0.13.6)
    gherkin (2.4.5)
      json (>= 1.4.6)
    github-markup (0.5.3)
    grit (2.4.1)
      diff-lcs (~> 1.1)
      mime-types (~> 1.15)
    haml (3.1.2)
    i18n (0.5.0)
    jquery-rails (1.0.12)
      railties (~> 3.0)
      thor (~> 0.14)
    jsmin (1.0.1)
    json (1.5.3)
    json_pure (1.5.3)
    kgio (2.6.0)
    kramdown (0.13.3)
    launchy (2.0.3)
    mail (2.2.19)
      activesupport (>= 2.3.6)
      i18n (>= 0.4.0)
      mime-types (~> 1.16)
      treetop (~> 1.4.8)
    mime-types (1.16)
    multi_json (1.0.3)
    multi_xml (0.2.2)
    multipart-post (1.1.2)
    mustache (0.99.4)
    mustache_rails3 (0.1.2.1)
    nanoc-cachebuster (0.1.2)
    net-ldap (0.2.2)
    nokogiri (1.4.6)
    oa-basic (0.2.6)
      oa-core (= 0.2.6)
      rest-client (~> 1.6.0)
    oa-core (0.2.6)
    oa-enterprise (0.2.6)
      addressable (= 2.2.4)
      net-ldap (~> 0.2.2)
      nokogiri (~> 1.4.2)
      oa-core (= 0.2.6)
      pyu-ruby-sasl (~> 0.0.3.1)
      rubyntlm (~> 0.1.1)
    oa-more (0.2.6)
      multi_json (~> 1.0.0)
      oa-core (= 0.2.6)
      rest-client (~> 1.6.0)
    oa-oauth (0.2.6)
      faraday (~> 0.6.1)
      multi_json (~> 1.0.0)
      multi_xml (~> 0.2.2)
      oa-core (= 0.2.6)
      oauth (~> 0.4.0)
      oauth2 (~> 0.4.1)
    oa-openid (0.2.6)
      oa-core (= 0.2.6)
      rack-openid (~> 1.3.1)
      ruby-openid-apps-discovery (~> 1.2.0)
    oauth (0.4.5)
    oauth2 (0.4.1)
      faraday (~> 0.6.1)
      multi_json (>= 0.0.5)
    omniauth (0.2.6)
      oa-basic (= 0.2.6)
      oa-core (= 0.2.6)
      oa-enterprise (= 0.2.6)
      oa-more (= 0.2.6)
      oa-oauth (= 0.2.6)
      oa-openid (= 0.2.6)
    polyglot (0.3.1)
    posix-spawn (0.3.6)
    pyu-ruby-sasl (0.0.3.3)
    rack (1.2.3)
    rack-mount (0.6.14)
      rack (>= 1.0.0)
    rack-openid (1.3.1)
      rack (>= 1.1.0)
      ruby-openid (>= 2.1.8)
    rack-test (0.5.7)
      rack (>= 1.0)
    rails (3.0.9)
      actionmailer (= 3.0.9)
      actionpack (= 3.0.9)
      activerecord (= 3.0.9)
      activeresource (= 3.0.9)
      activesupport (= 3.0.9)
      bundler (~> 1.0)
      railties (= 3.0.9)
    railties (3.0.9)
      actionpack (= 3.0.9)
      activesupport (= 3.0.9)
      rake (>= 0.8.7)
      rdoc (~> 3.4)
      thor (~> 0.14.4)
    raindrops (0.7.0)
    rainpress (1.0)
    rake (0.9.2)
    rcov (0.9.9)
    rdoc (3.8)
    rest-client (1.6.3)
      mime-types (>= 1.16)
    rspec (2.6.0)
      rspec-core (~> 2.6.0)
      rspec-expectations (~> 2.6.0)
      rspec-mocks (~> 2.6.0)
    rspec-core (2.6.4)
    rspec-expectations (2.6.0)
      diff-lcs (~> 1.1.2)
    rspec-mocks (2.6.0)
    rspec-rails (2.6.1)
      actionpack (~> 3.0)
      activesupport (~> 3.0)
      railties (~> 3.0)
      rspec (~> 2.6.0)
    ruby-openid (2.1.8)
    ruby-openid-apps-discovery (1.2.0)
      ruby-openid (>= 2.1.7)
    rubyntlm (0.1.1)
    rubyzip (0.9.4)
    sanitize (2.0.3)
      nokogiri (< 1.6, >= 1.4.4)
    sass (3.1.4)
    selenium-webdriver (2.1.0)
      childprocess (>= 0.1.9)
      ffi (>= 1.0.7)
      json_pure
      rubyzip
    sequel (3.20.0)
    sinatra (1.0)
      rack (>= 1.0)
    sqlite3 (1.3.3)
    sqlite3-ruby (1.3.3)
      sqlite3 (>= 1.3.3)
    state_machine (1.0.1)
    systemu (2.2.0)
    taps (0.3.23)
      rack (>= 1.0.1)
      rest-client (< 1.7.0, >= 1.4.0)
      sequel (~> 3.20.0)
      sinatra (~> 1.0.0)
      sqlite3-ruby (~> 1.2)
    term-ansicolor (1.0.6)
    thor (0.14.6)
    treetop (1.4.9)
      polyglot (>= 0.3.1)
    tzinfo (0.3.29)
    unicorn (4.0.1)
      kgio (~> 2.4)
      rack
      raindrops (~> 0.6)
    xpath (0.1.4)
      nokogiri (~> 1.3)
    yettings (0.1.1)

PLATFORMS
  ruby

DEPENDENCIES
  adsf
  ar_openid_store
  builder
  capybara (~> 0.4.0)
  capybara-webkit (~> 0.5.0)
  coffee-script
  cucumber
  cucumber-rails (~> 0.4.1)
  database_cleaner
  deadweight
  delayed_job
  foreman
  grit
  haml
  jquery-rails
  jsmin
  kramdown
  launchy
  mustache
  mustache_rails3
  nanoc-cachebuster
  nanoc3!
  nokogiri (= 1.4.6)
  omniauth (~> 0.2.6)
  rack
  rails (= 3.0.9)
  rainpress
  rcov
  rspec
  rspec-rails
  sass
  sqlite3
  state_machine
  stinker!
  systemu
  taps
  unicorn
  yettings
